GEM
  remote: https://rubygems.org/
  specs:
    cuba (3.4.0)
      rack
    dotenv (2.0.2)
    httparty (0.13.5)
      json (~> 1.8)
      multi_xml (>= 0.5.2)
    json (1.8.6)
    multi_xml (0.5.5)
    rack (1.6.4)

PLATFORMS
  ruby

DEPENDENCIES
  cuba
  dotenv
  httparty

BUNDLED WITH
   1.15.4
